GEM
  specs:
    activemodel (4.1.8)
      activesupport (= 4.1.8)
      builder (~> 3.1)
    activerecord (4.1.8)
      activemodel (= 4.1.8)
      activesupport (= 4.1.8)
      arel (~> 5.0.0)
    activesupport (4.1.8)
      i18n (~> 0.6, >= 0.6.9)
      json (~> 1.7, >= 1.7.7)
      minitest (~> 5.1)
      thread_safe (~> 0.1)
      tzinfo (~> 1.1)
    ar-octopus (0.8.2)
      activerecord (>= 3.2.0)
      activesupport (>= 3.2.0)
    arel (5.0.1.20140414130214)
    baidumap (0.2.0)
    builder (3.2.2)
    db (10.10.21)
      activerecord (~> 4.1.1)
      ar-octopus (= 0.8.2)
      mysql2
    i18n (0.6.11)
    json (1.8.1)
    minitest (5.4.3)
    mysql2 (0.3.17)
    thread_safe (0.3.4)
    tzinfo (1.2.2)
      thread_safe (~> 0.1)

PLATFORMS
  ruby

DEPENDENCIES
  activerecord
  baidumap
  db
